GEM
  remote: https://rubygems.org/
  specs:
    array-hooked (1.1.4)
      identifies_as
      module-cluster
    array-unique (1.1.1)
      array-hooked
    ddate (1.0.0)
    diff-lcs (1.2.1)
    identifies_as (1.1.0)
    module-cluster (2.0.5)
    rake (13.0.3)
    rspec (2.13.0)
      rspec-core (~> 2.13.0)
      rspec-expectations (~> 2.13.0)
      rspec-mocks (~> 2.13.0)
    rspec-core (2.13.0)
    rspec-expectations (2.13.0)
      diff-lcs (>= 1.1.3, < 2.0)
    rspec-mocks (2.13.0)

PLATFORMS
  ruby

DEPENDENCIES
  array-unique (~> 1.1.1)
  ddate
  rake (>= 12.3.3)
  rspec (~> 2.13.0)
  rspec-mocks (~> 2.13.0)

BUNDLED WITH
   2.1.2
